PATH
  remote: .
  specs:
    better_dig (0.6.0)

GEM
  remote: https://rubygems.org/
  specs:
    docile (1.1.5)
    json (2.1.0)
    minitest (5.11.3)
    rake (10.5.0)
    simplecov (0.15.1)
      docile (~> 1.1.0)
      json (>= 1.8, < 3)
      simplecov-html (~> 0.10.0)
    simplecov-html (0.10.2)

PLATFORMS
  ruby

DEPENDENCIES
  better_dig!
  bundler (~> 1.16)
  minitest (~> 5.0)
  rake (~> 10.0)
  simplecov (~> 0.15.1)

BUNDLED WITH
   1.16.1
